GEM
  specs:
    thor (0.20.0)

PLATFORMS
  ruby

DEPENDENCIES
  thor

RUBY VERSION
   ruby 2.5.1p57

BUNDLED WITH
   1.16.2
